PATH
  remote: .
  specs:
    vfr_utils (0.0.5)
      faraday (~> 0.9)
      nokogiri (~> 1.5)
      redis (~> 3.2)

GEM
  remote: https://rubygems.org/
  specs:
    faraday (0.10.0)
      multipart-post (>= 1.2, < 3)
    mini_portile2 (2.1.0)
    multipart-post (2.0.0)
    nokogiri (1.7.0)
      mini_portile2 (~> 2.1.0)
    redis (3.3.2)

PLATFORMS
  ruby

DEPENDENCIES
  vfr_utils!

BUNDLED WITH
   1.13.6
